GEM
  remote: http://rubygems.org/
  specs:
    abstract (1.0.0)
    actionmailer (3.0.3)
      actionpack (= 3.0.3)
      mail (~> 2.2.9)
    actionpack (3.0.3)
      activemodel (= 3.0.3)
      activesupport (= 3.0.3)
      builder (~> 2.1.2)
      erubis (~> 2.6.6)
      i18n (~> 0.4)
      rack (~> 1.2.1)
      rack-mount (~> 0.6.13)
      rack-test (~> 0.5.6)
      tzinfo (~> 0.3.23)
    activemodel (3.0.3)
      activesupport (= 3.0.3)
      builder (~> 2.1.2)
      i18n (~> 0.4)
    activerecord (3.0.3)
      activemodel (= 3.0.3)
      activesupport (= 3.0.3)
      arel (~> 2.0.2)
      tzinfo (~> 0.3.23)
    activeresource (3.0.3)
      activemodel (= 3.0.3)
      activesupport (= 3.0.3)
    activesupport (3.0.3)
    addressable (2.2.4)
    arel (2.0.10)
    bcrypt-ruby (2.1.4)
    builder (2.1.2)
    cancan (1.6.5)
    capistrano (2.6.0)
      highline
      net-scp (>= 1.0.0)
      net-sftp (>= 2.0.0)
      net-ssh (>= 2.0.14)
      net-ssh-gateway (>= 1.1.0)
    capistrano-ext (1.2.1)
      capistrano (>= 1.0.0)
    chunky_png (1.2.0)
    compass (0.11.3)
      chunky_png (~> 1.2)
      fssm (>= 0.2.7)
      sass (~> 3.1)
    crack (0.1.8)
    dalli (1.0.5)
    devise (1.3.4)
      bcrypt-ruby (~> 2.1.2)
      orm_adapter (~> 0.0.3)
      warden (~> 1.0.3)
    erubis (2.6.6)
      abstract (>= 1.0.0)
    eventfulapi (2.2.1)
      mime-types (> 0.0.0)
    fancy-buttons (1.1.1)
      compass (>= 0.11)
    faraday (0.6.1)
      addressable (~> 2.2.4)
      multipart-post (~> 1.1.0)
      rack (>= 1.1.0, < 2)
    fssm (0.2.7)
    geokit (1.5.0)
    geokit-rails3 (0.1.2)
      geokit (~> 1.5.0)
      rails (~> 3.0.0)
    gmaps4rails (0.8.8)
      crack
    haml (3.1.2)
    highline (1.6.2)
    i18n (0.6.0)
    jquery-rails (1.0.11)
      railties (~> 3.0)
      thor (~> 0.14)
    mail (2.2.19)
      activesupport (>= 2.3.6)
      i18n (>= 0.4.0)
      mime-types (~> 1.16)
      treetop (~> 1.4.8)
    mime-types (1.16)
    multi_json (1.0.3)
    multi_xml (0.2.2)
    multipart-post (1.1.2)
    mysql2 (0.2.11)
    net-ldap (0.2.2)
    net-scp (1.0.4)
      net-ssh (>= 1.99.1)
    net-sftp (2.0.5)
      net-ssh (>= 2.0.9)
    net-ssh (2.1.4)
    net-ssh-gateway (1.1.0)
      net-ssh (>= 1.99.1)
    nokogiri (1.4.4)
    oa-basic (0.2.6)
      oa-core (= 0.2.6)
      rest-client (~> 1.6.0)
    oa-core (0.2.6)
    oa-enterprise (0.2.6)
      addressable (= 2.2.4)
      net-ldap (~> 0.2.2)
      nokogiri (~> 1.4.2)
      oa-core (= 0.2.6)
      pyu-ruby-sasl (~> 0.0.3.1)
      rubyntlm (~> 0.1.1)
    oa-more (0.2.6)
      multi_json (~> 1.0.0)
      oa-core (= 0.2.6)
      rest-client (~> 1.6.0)
    oa-oauth (0.2.6)
      faraday (~> 0.6.1)
      multi_json (~> 1.0.0)
      multi_xml (~> 0.2.2)
      oa-core (= 0.2.6)
      oauth (~> 0.4.0)
      oauth2 (~> 0.4.1)
    oa-openid (0.2.6)
      oa-core (= 0.2.6)
      rack-openid (~> 1.3.1)
      ruby-openid-apps-discovery (~> 1.2.0)
    oauth (0.4.4)
    oauth2 (0.4.1)
      faraday (~> 0.6.1)
      multi_json (>= 0.0.5)
    omniauth (0.2.6)
      oa-basic (= 0.2.6)
      oa-core (= 0.2.6)
      oa-enterprise (= 0.2.6)
      oa-more (= 0.2.6)
      oa-oauth (= 0.2.6)
      oa-openid (= 0.2.6)
    orm_adapter (0.0.5)
    polyglot (0.3.1)
    pyu-ruby-sasl (0.0.3.3)
    rack (1.2.3)
    rack-mount (0.6.14)
      rack (>= 1.0.0)
    rack-openid (1.3.1)
      rack (>= 1.1.0)
      ruby-openid (>= 2.1.8)
    rack-test (0.5.7)
      rack (>= 1.0)
    rails (3.0.3)
      actionmailer (= 3.0.3)
      actionpack (= 3.0.3)
      activerecord (= 3.0.3)
      activeresource (= 3.0.3)
      activesupport (= 3.0.3)
      bundler (~> 1.0)
      railties (= 3.0.3)
    rails3-jquery-autocomplete (0.8.0)
      rails (~> 3.0)
      yajl-ruby
    railties (3.0.3)
      actionpack (= 3.0.3)
      activesupport (= 3.0.3)
      rake (>= 0.8.7)
      thor (~> 0.14.4)
    rake (0.8.7)
    rest-client (1.6.3)
      mime-types (>= 1.16)
    ruby-openid (2.1.8)
    ruby-openid-apps-discovery (1.2.0)
      ruby-openid (>= 2.1.7)
    rubyntlm (0.1.1)
    sass (3.1.2)
    thor (0.14.6)
    treetop (1.4.9)
      polyglot (>= 0.3.1)
    tzinfo (0.3.28)
    warden (1.0.4)
      rack (>= 1.0)
    will_paginate (2.3.15)
    yajl-ruby (0.8.2)

PLATFORMS
  ruby

DEPENDENCIES
  cancan
  capistrano
  capistrano-ext
  compass (>= 0.10.6)
  dalli
  devise
  eventfulapi
  fancy-buttons
  geokit-rails3
  gmaps4rails (>= 0.8.5)
  haml
  jquery-rails (>= 0.2.6)
  mysql2 (< 0.3)
  nokogiri (= 1.4.4)
  oa-openid
  omniauth
  rails (= 3.0.3)
  rails3-jquery-autocomplete
  rake (= 0.8.7)
  will_paginate
